PATH
  remote: .
  specs:
    ffi-ogr (0.0.1.pre)
      ffi (= 1.5.0)
      multi_json

GEM
  remote: https://rubygems.org/
  specs:
    diff-lcs (1.2.2)
    ffi (1.5.0)
    ffi (1.5.0-java)
    multi_json (1.7.2)
    rake (10.0.4)
    rspec (2.13.0)
      rspec-core (~> 2.13.0)
      rspec-expectations (~> 2.13.0)
      rspec-mocks (~> 2.13.0)
    rspec-core (2.13.1)
    rspec-expectations (2.13.0)
      diff-lcs (>= 1.1.3, < 2.0)
    rspec-mocks (2.13.0)

PLATFORMS
  java
  ruby

DEPENDENCIES
  ffi-ogr!
  rake
  rspec
