PATH
  remote: .
  specs:
    ffi-ogr (0.0.1.dev)
      ffi (>= 1.5.0)
      multi_json

GEM
  remote: https://rubygems.org/
  specs:
    diff-lcs (1.2.1)
    ffi (1.5.0)
    multi_json (1.6.1)
    rake (10.0.3)
    rspec (2.13.0)
      rspec-core (~> 2.13.0)
      rspec-expectations (~> 2.13.0)
      rspec-mocks (~> 2.13.0)
    rspec-core (2.13.1)
    rspec-expectations (2.13.0)
      diff-lcs (>= 1.1.3, < 2.0)
    rspec-mocks (2.13.0)

PLATFORMS
  java
  ruby

DEPENDENCIES
  ffi-ogr!
  rake
  rspec
